GEM
  remote: https://rubygems.org/
  specs:
    capistrano (3.2.1)
      i18n
      rake (>= 10.0.0)
      sshkit (~> 1.3)
    highline (1.7.8)
    i18n (0.7.0)
    net-scp (1.2.1)
      net-ssh (>= 2.6.5)
    net-ssh (3.0.2)
    netrc (0.7.7)
    rake (10.5.0)
    rest_client (1.7.3)
      netrc (~> 0.7.7)
    rubyzip (1.1.6)
    sshkit (1.8.1)
      net-scp (>= 1.1.2)
      net-ssh (>= 2.8.0)

PLATFORMS
  ruby

DEPENDENCIES
  capistrano (= 3.2.1)
  highline
  rest_client
  rubyzip (>= 1.0.0)

BUNDLED WITH
   1.11.2
